GEM
  remote: http://rubygems.org/
  specs:
    erubis (2.7.0)
    haml (4.0.6)
      tilt
    jsmin (1.0.1)
    rack (1.5.2)
    rack-protection (1.5.3)
      rack
    rack-rewrite (1.5.0)
    rack-test (0.6.2)
      rack (>= 1.0)
    sinatra (1.4.5)
      rack (~> 1.4)
      rack-protection (~> 1.4)
      tilt (~> 1.3, >= 1.3.4)
    sinatra-assetpack (0.3.3)
      jsmin
      rack-test
      sinatra
      tilt (>= 1.3.0, < 2.0)
    tilt (1.4.1)

PLATFORMS
  ruby

DEPENDENCIES
  erubis
  haml
  rack
  rack-rewrite
  sinatra
  sinatra-assetpack
